PATH
  remote: .
  specs:
    mosaic-facebook (0.2.0)
      httparty
      rack (~> 1.2.2)

GEM
  remote: http://rubygems.org/
  specs:
    diff-lcs (1.1.2)
    httparty (0.8.1)
      multi_json
      multi_xml
    multi_json (1.1.0)
    multi_xml (0.4.1)
    rack (1.2.5)
    rspec (2.5.0)
      rspec-core (~> 2.5.0)
      rspec-expectations (~> 2.5.0)
      rspec-mocks (~> 2.5.0)
    rspec-core (2.5.2)
    rspec-expectations (2.5.0)
      diff-lcs (~> 1.1.2)
    rspec-mocks (2.5.0)

PLATFORMS
  ruby

DEPENDENCIES
  mosaic-facebook!
  rspec (~> 2.5.0)
