PATH
  remote: .
  specs:
    mosaic_facebook (0.1.0)
      httparty
      rack (~> 1.2.2)

GEM
  remote: http://rubygems.org/
  specs:
    crack (0.1.8)
    diff-lcs (1.1.2)
    httparty (0.7.8)
      crack (= 0.1.8)
    rack (1.2.4)
    rspec (2.5.0)
      rspec-core (~> 2.5.0)
      rspec-expectations (~> 2.5.0)
      rspec-mocks (~> 2.5.0)
    rspec-core (2.5.2)
    rspec-expectations (2.5.0)
      diff-lcs (~> 1.1.2)
    rspec-mocks (2.5.0)

PLATFORMS
  ruby

DEPENDENCIES
  mosaic_facebook!
  rspec (~> 2.5.0)
