PATH
  remote: .
  specs:
    mosaic_facebook (0.1.2)
      activesupport (~> 3.0)
      httparty

GEM
  remote: http://rubygems.org/
  specs:
    activesupport (3.2.12)
      i18n (~> 0.6)
      multi_json (~> 1.0)
    httparty (0.10.2)
      multi_json (~> 1.0)
      multi_xml (>= 0.5.2)
    i18n (0.6.4)
    multi_json (1.6.1)
    multi_xml (0.5.3)

PLATFORMS
  ruby

DEPENDENCIES
  mosaic_facebook!
